GEM
  specs:
    kramdown (1.14.0)
    rouge (1.11.1)

PLATFORMS
  ruby

DEPENDENCIES
  kramdown
  rouge

BUNDLED WITH
   1.15.1
